GEM
  remote: https://rubygems.org/
  specs:
    daemons (1.4.1)
    ethon (0.15.0)
      ffi (>= 1.15.0)
    eventmachine (1.2.7)
    faraday (1.9.3)
      faraday-em_http (~> 1.0)
      faraday-em_synchrony (~> 1.0)
      faraday-excon (~> 1.1)
      faraday-httpclient (~> 1.0)
      faraday-multipart (~> 1.0)
      faraday-net_http (~> 1.0)
      faraday-net_http_persistent (~> 1.0)
      faraday-patron (~> 1.0)
      faraday-rack (~> 1.0)
      faraday-retry (~> 1.0)
      ruby2_keywords (>= 0.0.4)
    faraday-em_http (1.0.0)
    faraday-em_synchrony (1.0.0)
    faraday-excon (1.1.0)
    faraday-httpclient (1.0.1)
    faraday-multipart (1.0.3)
      multipart-post (>= 1.2, < 3)
    faraday-net_http (1.0.1)
    faraday-net_http_persistent (1.2.0)
    faraday-patron (1.0.0)
    faraday-rack (1.0.0)
    faraday-retry (1.0.3)
    ffi (1.15.5)
    multipart-post (2.1.1)
    rack (2.2.3)
    ruby2_keywords (0.0.5)
    thin (1.8.1)
      daemons (~> 1.0, >= 1.0.9)
      eventmachine (~> 1.0, >= 1.0.4)
      rack (>= 1, < 3)
    typhoeus (1.4.0)
      ethon (>= 0.9.0)

PLATFORMS
  universal-darwin-21

DEPENDENCIES
  faraday (= 1.9.3)
  rack
  thin
  typhoeus (= 1.4.0)

BUNDLED WITH
   2.2.22
